GEM
  remote: https://rubygems.org/
  specs:
    backports (3.6.8)
    binding_of_caller (0.7.2)
      debug_inspector (>= 0.0.1)
    coderay (1.1.1)
    debug_inspector (0.0.2)
    interception (0.5)
    method_source (0.8.2)
    nmatrix (0.2.1)
      packable (~> 1.3, >= 1.3.5)
    nmatrix-atlas (0.2.1)
      nmatrix (= 0.2.1)
    packable (1.3.8)
      backports
    pry (0.10.3)
      coderay (~> 1.1.0)
      method_source (~> 0.8.1)
      slop (~> 3.4)
    pry-nav (0.2.4)
      pry (>= 0.9.10, < 0.11.0)
    pry-rescue (1.4.4)
      interception (>= 0.5)
      pry
    pry-stack_explorer (0.4.9.2)
      binding_of_caller (>= 0.7)
      pry (>= 0.9.11)
    slop (3.6.0)

PLATFORMS
  ruby

DEPENDENCIES
  nmatrix
  nmatrix-atlas
  pry-nav
  pry-rescue
  pry-stack_explorer

BUNDLED WITH
   1.12.1
